GIT
  remote: git@github.com:codewars/ruby-test-framework.git
  revision: 7092216514714f90a03020a8ae8ccf765610eb37
  specs:
    codewars_test (0.0.2)

GEM
  remote: https://rubygems.org/
  specs:
    diff-lcs (1.4.4)
    rspec (3.10.0)
      rspec-core (~> 3.10.0)
      rspec-expectations (~> 3.10.0)
      rspec-mocks (~> 3.10.0)
    rspec-core (3.10.1)
      rspec-support (~> 3.10.0)
    rspec-expectations (3.10.1)
      diff-lcs (>= 1.2.0, < 2.0)
      rspec-support (~> 3.10.0)
    rspec-mocks (3.10.2)
      diff-lcs (>= 1.2.0, < 2.0)
      rspec-support (~> 3.10.0)
    rspec-support (3.10.2)

PLATFORMS
  x86_64-darwin-20
  x86_64-linux

DEPENDENCIES
  codewars_test!
  rspec

BUNDLED WITH
   2.2.28
